PATH
  remote: .
  specs:
    receitaws_client (0.0.92)

GEM
  remote: https://rubygems.org/
  specs:

PLATFORMS
  ruby

DEPENDENCIES
  receitaws_client!

BUNDLED WITH
   2.5.5
