PATH
  remote: .
  specs:
    receitaws_client (0.0.9)

GEM
  remote: https://rubygems.org/
  specs:

PLATFORMS
  ruby

DEPENDENCIES
  receitaws_client!

BUNDLED WITH
   1.17.2
